PATH
  remote: .
  specs:
    absynthe (0.1.0)

GEM
  remote: https://rubygems.org/
  specs:
    ast (2.4.2)
    link_header (0.0.8)
    matrix (0.4.2)
    minitest (5.14.4)
    parser (3.1.0.0)
      ast (~> 2.4.1)
    priority_queue_cxx (0.3.4)
    rake (12.3.2)
    rdf (3.2.3)
      link_header (~> 0.0, >= 0.0.8)
    sxp (1.2.1)
      matrix
      rdf (~> 3.2)

PLATFORMS
  ruby

DEPENDENCIES
  absynthe!
  minitest (~> 5.0)
  parser (~> 3.1)
  priority_queue_cxx (~> 0.3.4)
  rake (~> 12.0)
  sxp (~> 1.2)

BUNDLED WITH
   2.2.28
