PATH
  remote: .
  specs:
    absynthe (0.1.0)

GEM
  remote: https://rubygems.org/
  specs:
    ansi (1.5.0)
    ast (2.4.2)
    builder (3.2.4)
    coderay (1.1.3)
    link_header (0.0.8)
    matrix (0.4.2)
    method_source (1.0.0)
    minitest (5.14.4)
    minitest-reporters (1.5.0)
      ansi
      builder
      minitest (>= 5.0)
      ruby-progressbar
    parser (3.1.0.0)
      ast (~> 2.4.1)
    priority_queue_cxx (0.3.4)
    pry (0.14.1)
      coderay (~> 1.1)
      method_source (~> 1.0)
    rake (12.3.2)
    rdf (3.2.3)
      link_header (~> 0.0, >= 0.0.8)
    ruby-progressbar (1.11.0)
    sxp (1.2.1)
      matrix
      rdf (~> 3.2)

PLATFORMS
  ruby

DEPENDENCIES
  absynthe!
  minitest (~> 5.0)
  minitest-reporters
  parser (~> 3.1)
  priority_queue_cxx (~> 0.3.4)
  pry
  rake (~> 12.0)
  sxp (~> 1.2)

BUNDLED WITH
   2.2.28
