GIT
  remote: https://github.com/ngsankha/rdl
  revision: efc994bb61c29875c98cd85b374447d140e26661
  specs:
    rdl (2.2.0)
      parser (~> 2.3, >= 2.3.1.4)
      sql-parser (~> 0.0.2)

PATH
  remote: ../z3rb-lazy
  specs:
    lazyz3 (0.1.0)
      ast (~> 2.4)
      minitest (~> 5.0)
      rake (~> 13.0)
      z3 (~> 0.0.20220320)

PATH
  remote: .
  specs:
    absynthe (0.1.0)
      minitest
      parser
      priority_queue_cxx
      rake
      sxp

GEM
  remote: https://rubygems.org/
  specs:
    ansi (1.5.0)
    ast (2.4.2)
    builder (3.2.4)
    byebug (11.1.3)
    coderay (1.1.3)
    ffi (1.15.5)
    link_header (0.0.8)
    matrix (0.4.2)
    method_source (1.0.0)
    minitest (5.18.0)
    minitest-reporters (1.6.0)
      ansi
      builder
      minitest (>= 5.0)
      ruby-progressbar
    parser (2.7.2.0)
      ast (~> 2.4.1)
    priority_queue_cxx (0.3.6)
    pry (0.14.2)
      coderay (~> 1.1)
      method_source (~> 1.0)
    pry-byebug (3.10.1)
      byebug (~> 11.0)
      pry (>= 0.13, < 0.15)
    racc (1.6.2)
    rake (13.0.6)
    rdf (3.2.9)
      link_header (~> 0.0, >= 0.0.8)
    ruby-progressbar (1.13.0)
    sql-parser (0.0.2)
      racc
    sxp (1.2.3)
      matrix (~> 0.4)
      rdf (~> 3.2)
    z3 (0.0.20230311)
      ffi (~> 1.9)

PLATFORMS
  arm64-darwin-21

DEPENDENCIES
  absynthe!
  lazyz3!
  minitest-reporters
  pry
  pry-byebug
  rdl!

BUNDLED WITH
   2.3.22
