PATH
  remote: ../z3rb-lazy
  specs:
    lazyz3 (0.1.0)
      ast (~> 2.4)
      minitest (~> 5.0)
      rake (~> 13.0)
      z3 (~> 0.0.20220320)

PATH
  remote: .
  specs:
    absynthe (0.1.0)
      minitest
      pandas
      parser
      priority_queue_cxx
      rake
      sxp

GEM
  remote: https://rubygems.org/
  specs:
    ansi (1.5.0)
    ast (2.4.2)
    builder (3.2.4)
    byebug (11.1.3)
    coderay (1.1.3)
    ffi (1.15.5)
    link_header (0.0.8)
    matrix (0.4.2)
    method_source (1.0.0)
    minitest (5.15.0)
    minitest-reporters (1.5.0)
      ansi
      builder
      minitest (>= 5.0)
      ruby-progressbar
    numpy (0.4.0)
      pycall (>= 1.2.0.beta1)
    pandas (0.3.8)
      numpy
      pycall (>= 1.0.0)
    parser (3.1.2.0)
      ast (~> 2.4.1)
    priority_queue_cxx (0.3.4)
    pry (0.14.1)
      coderay (~> 1.1)
      method_source (~> 1.0)
    pry-byebug (3.8.0)
      byebug (~> 11.0)
      pry (~> 0.10)
    pycall (1.4.1)
    rake (13.0.6)
    rdf (3.2.6)
      link_header (~> 0.0, >= 0.0.8)
    ruby-progressbar (1.11.0)
    sxp (1.2.2)
      matrix
      rdf (~> 3.2)
    z3 (0.0.20220320)
      ffi (~> 1.9)

PLATFORMS
  x86_64-darwin-19

DEPENDENCIES
  absynthe!
  lazyz3!
  minitest-reporters
  pry
  pry-byebug

BUNDLED WITH
   2.2.28
